GIT
  remote: git://github.com/rubyworks/hashery.git
  revision: 7252291915f8140813fc8fdda0c43256fde9c4b2
  ref: 7252291915f8140813fc8fdda0c43256fde9c4b2
  specs:
    hashery (2.0.0)

PATH
  remote: .
  specs:
    amex_open_forum (0.0.1)

GEM
  remote: http://rubygems.org/
  specs:
    activesupport (3.2.3)
      i18n (~> 0.6)
      multi_json (~> 1.0)
    archive-tar-minitar (0.5.2)
    columnize (0.3.6)
    crack (0.3.1)
    httparty (0.8.3)
      multi_json (~> 1.0)
      multi_xml
    i18n (0.6.0)
    linecache19 (0.5.12)
      ruby_core_source (>= 0.1.4)
    multi_json (1.3.6)
    multi_xml (0.5.1)
    ruby-debug-base19 (0.11.25)
      columnize (>= 0.3.1)
      linecache19 (>= 0.5.11)
      ruby_core_source (>= 0.1.4)
    ruby-debug19 (0.11.6)
      columnize (>= 0.3.1)
      linecache19 (>= 0.5.11)
      ruby-debug-base19 (>= 0.11.19)
    ruby_core_source (0.1.5)
      archive-tar-minitar (>= 0.5.2)

PLATFORMS
  ruby

DEPENDENCIES
  activesupport (= 3.2.3)
  amex_open_forum!
  crack
  hashery!
  httparty
  ruby-debug19
